GEM
  remote: http://rubygems.org/
  specs:
    addressable (2.3.4)
    colorize (0.5.8)
    daemons (1.1.9)
    eventmachine (0.12.10)
    expedia (0.0.1)
      addressable (~> 2.2)
      colorize (~> 0.5.8)
      faraday (~> 0.8)
      multi_json (~> 1.3)
    faraday (0.8.7)
      multipart-post (~> 1.1)
    google_places (0.12.0)
      httparty
    httparty (0.11.0)
      multi_json (~> 1.0)
      multi_xml (>= 0.5.2)
    json (1.7.7)
    log4r (1.1.10)
    multi_json (1.7.2)
    multi_xml (0.5.3)
    multipart-post (1.2.0)
    rack (1.4.1)
    sinatra (1.1.0)
      rack (~> 1.1)
      tilt (~> 1.1)
    sinatra-cross_origin (0.2.0)
    thin (1.4.1)
      daemons (>= 1.0.9)
      eventmachine (>= 0.12.6)
      rack (>= 1.0.0)
    tilt (1.3.3)

PLATFORMS
  ruby

DEPENDENCIES
  expedia
  google_places
  json
  log4r
  sinatra (= 1.1.0)
  sinatra-cross_origin
  thin
