GEM
  remote: http://rubygems.org/
  specs:
    addressable (2.3.4)
    autoparse (0.3.3)
      addressable (>= 2.3.1)
      extlib (>= 0.9.15)
      multi_json (>= 1.0.0)
    colorize (0.5.8)
    daemons (1.1.9)
    eventmachine (0.12.10)
    expedia (0.0.1)
      addressable (~> 2.2)
      colorize (~> 0.5.8)
      faraday (~> 0.8)
      multi_json (~> 1.3)
    extlib (0.9.16)
    faraday (0.8.7)
      multipart-post (~> 1.1)
    google-api-client (0.6.3)
      addressable (>= 2.3.2)
      autoparse (>= 0.3.3)
      extlib (>= 0.9.15)
      faraday (~> 0.8.4)
      jwt (>= 0.1.5)
      launchy (>= 2.1.1)
      multi_json (>= 1.0.0)
      signet (>= 0.4.4)
      uuidtools (>= 2.1.0)
    google_places (0.12.0)
      httparty
    googleajax (1.0.1)
      json (>= 1.0.0)
    httparty (0.11.0)
      multi_json (~> 1.0)
      multi_xml (>= 0.5.2)
    json (1.7.7)
    jwt (0.1.8)
      multi_json (>= 1.5)
    launchy (2.2.0)
      addressable (~> 2.3)
    log4r (1.1.10)
    multi_json (1.7.2)
    multi_xml (0.5.3)
    multipart-post (1.2.0)
    rack (1.4.1)
    rack-cors (0.2.7)
      rack
    rack-timeout (0.0.4)
    signet (0.4.5)
      addressable (>= 2.2.3)
      faraday (~> 0.8.1)
      jwt (>= 0.1.5)
      multi_json (>= 1.0.0)
    sinatra (1.1.0)
      rack (~> 1.1)
      tilt (~> 1.1)
    thin (1.4.1)
      daemons (>= 1.0.9)
      eventmachine (>= 0.12.6)
      rack (>= 1.0.0)
    tilt (1.3.3)
    uuidtools (2.1.3)
    yql (0.0.2)

PLATFORMS
  ruby

DEPENDENCIES
  expedia
  google-api-client
  google_places
  googleajax
  json
  log4r
  rack-cors
  rack-timeout
  sinatra (= 1.1.0)
  thin
  yql
